GEM
  remote: http://rubygems.org/
  specs:
    arr-pm (0.0.8)
      cabin (> 0)
    backports (2.6.2)
    cabin (0.6.0)
    childprocess (0.3.9)
      ffi (~> 1.0, >= 1.0.11)
    clamp (0.3.1)
    diff-lcs (1.2.2)
    ffi (1.6.0)
    fpm (0.4.31)
      arr-pm (~> 0.0.8)
      backports (= 2.6.2)
      cabin (>= 0.6.0)
      clamp (= 0.3.1)
      json (~> 1.7.7)
      open4
    grape (0.2.0)
      hashie (~> 1.2)
      multi_json
      multi_xml
      rack
      rack-mount
    hashie (1.2.0)
    jasmine (1.2.0)
      jasmine-core (>= 1.2.0)
      rack (~> 1.0)
      rspec (>= 1.3.1)
      selenium-webdriver (>= 0.1.3)
    jasmine-core (1.3.1)
    jasmine-phantom (0.0.9)
      jasmine (>= 1.2.0)
      posix-spawn
    json (1.7.7)
    minitest (2.5.1)
    multi_json (1.3.2)
    multi_xml (0.5.1)
    open4 (1.3.0)
    pg (0.13.2)
    posix-spawn (0.3.6)
    rack (1.4.1)
    rack-mount (0.8.3)
      rack (>= 1.0.0)
    rack-rewrite (1.2.1)
    rack-test (0.6.1)
      rack (>= 1.0)
    rake (0.9.2.2)
    rspec (2.13.0)
      rspec-core (~> 2.13.0)
      rspec-expectations (~> 2.13.0)
      rspec-mocks (~> 2.13.0)
    rspec-core (2.13.1)
    rspec-expectations (2.13.0)
      diff-lcs (>= 1.1.3, < 2.0)
    rspec-mocks (2.13.1)
    rubyzip (0.9.9)
    selenium-webdriver (2.31.0)
      childprocess (>= 0.2.5)
      multi_json (~> 1.0)
      rubyzip
      websocket (~> 1.0.4)
    sequel (3.35.0)
    shotgun (0.9)
      rack (>= 1.0)
    sqlite3 (1.3.5)
    websocket (1.0.7)

PLATFORMS
  ruby

DEPENDENCIES
  fpm
  grape
  jasmine (= 1.2.0)
  jasmine-phantom
  minitest
  pg
  rack
  rack-rewrite
  rack-test
  rake
  sequel
  shotgun
  sqlite3
